GEM
  remote: http://rubygems.org/
  specs:
    active_support (3.0.0)
      activesupport (= 3.0.0)
    activesupport (3.0.0)
    aws-s3 (0.6.3)
      builder
      mime-types
      xml-simple
    builder (3.0.0)
    fakeweb (1.3.0)
    faraday (0.8.1)
      multipart-post (~> 1.1)
    github_api (0.6.1)
      faraday (~> 0.8.1)
      hashie (~> 1.2.0)
      multi_json (~> 1.3)
      nokogiri (~> 1.5.2)
      oauth2
    hashie (1.2.0)
    httpauth (0.1)
    i18n (0.6.0)
    macaddr (1.6.1)
      systemu (~> 2.5.0)
    mime-types (1.19)
    minitest (3.0.0)
    multi_json (1.3.6)
    multipart-post (1.1.5)
    nokogiri (1.5.5)
    oauth2 (0.6.1)
      faraday (~> 0.7)
      httpauth (~> 0.1)
      multi_json (~> 1.3)
    rake (0.9.2.2)
    systemu (2.5.1)
    uuid (2.3.5)
      macaddr (~> 1.0)
    xml-simple (1.1.1)

PLATFORMS
  ruby

DEPENDENCIES
  active_support
  aws-s3
  fakeweb
  faraday
  github_api
  i18n
  minitest
  rake
  uuid
